GIT
  remote: git://github.com/nzherald/nz-mps-popolo.git
  revision: 11b7e7597110f46a50cc50bd971e70a2a5f83121
  specs:
    nz_mps_popolo (0.0.1)
      capybara (~> 2.4.4)
      capybara-mechanize (~> 1.4.0)
      feedjira (~> 1.5.0)

GEM
  remote: https://rubygems.org/
  specs:
    capybara (2.4.4)
      mime-types (>= 1.16)
      nokogiri (>= 1.3.3)
      rack (>= 1.0.0)
      rack-test (>= 0.5.4)
      xpath (~> 2.0)
    capybara-mechanize (1.4.0)
      capybara (~> 2.4.4)
      mechanize (~> 2.7.0)
    curb (0.8.6)
    domain_name (0.5.23)
      unf (>= 0.0.5, < 1.0.0)
    faraday (0.9.0)
      multipart-post (>= 1.2, < 3)
    feedjira (1.5.0)
      curb (~> 0.8)
      loofah (~> 2.0)
      sax-machine (~> 1.0)
    http-cookie (1.0.2)
      domain_name (~> 0.5)
    loofah (2.0.1)
      nokogiri (>= 1.5.9)
    mechanize (2.7.3)
      domain_name (~> 0.5, >= 0.5.1)
      http-cookie (~> 1.0)
      mime-types (~> 2.0)
      net-http-digest_auth (~> 1.1, >= 1.1.1)
      net-http-persistent (~> 2.5, >= 2.5.2)
      nokogiri (~> 1.4)
      ntlm-http (~> 0.1, >= 0.1.1)
      webrobots (>= 0.0.9, < 0.2)
    mime-types (2.4.3)
    mini_portile (0.6.1)
    multipart-post (2.0.0)
    net-http-digest_auth (1.4)
    net-http-persistent (2.9.4)
    nokogiri (1.6.5)
      mini_portile (~> 0.6.0)
    ntlm-http (0.1.1)
    rack (1.6.0)
    rack-test (0.6.2)
      rack (>= 1.0)
    sax-machine (1.1.1)
    unf (0.1.4)
      unf_ext
    unf_ext (0.0.6)
    webrobots (0.1.1)
    xpath (2.0.0)
      nokogiri (~> 1.3)

PLATFORMS
  ruby

DEPENDENCIES
  faraday (~> 0.9.0)
  nz_mps_popolo!
